GEM
  remote: https://rubygems.org/
  specs:
    dbt (1.2.0)
    motion-kit (1.1.1)
      dbt (~> 1.1, >= 1.1.5)
    rake (12.0.0)

PLATFORMS
  ruby

DEPENDENCIES
  motion-kit
  rake

BUNDLED WITH
   1.12.5
